PATH
  remote: .
  specs:
    snapshot_testing (0.1.0)

GEM
  remote: https://rubygems.org/
  specs:
    coderay (1.1.2)
    diff-lcs (1.3)
    method_source (0.9.2)
    minitest (5.11.3)
    power_assert (1.1.3)
    pry (0.12.2)
      coderay (~> 1.1.0)
      method_source (~> 0.9.0)
    rake (10.5.0)
    rspec (3.8.0)
      rspec-core (~> 3.8.0)
      rspec-expectations (~> 3.8.0)
      rspec-mocks (~> 3.8.0)
    rspec-core (3.8.2)
      rspec-support (~> 3.8.0)
    rspec-expectations (3.8.4)
      diff-lcs (>= 1.2.0, < 2.0)
      rspec-support (~> 3.8.0)
    rspec-mocks (3.8.1)
      diff-lcs (>= 1.2.0, < 2.0)
      rspec-support (~> 3.8.0)
    rspec-support (3.8.2)
    test-unit (3.2.9)
      power_assert

PLATFORMS
  ruby

DEPENDENCIES
  bundler (~> 2.0)
  minitest
  pry
  rake (~> 10.0)
  rspec (~> 3.0)
  snapshot_testing!
  test-unit

BUNDLED WITH
   2.0.2
